GEM
  specs:
    bunny (0.7.8)

PLATFORMS
  ruby

DEPENDENCIES
  bunny
